GEM
  remote: https://rubygems.org/
  specs:
    coderay (1.1.1)
    equatable (0.5.0)
    method_source (0.8.2)
    pastel (0.7.0)
      equatable (~> 0.5.0)
      tty-color (~> 0.4.0)
    pry (0.10.3)
      coderay (~> 1.1.0)
      method_source (~> 0.8.1)
      slop (~> 3.4)
    ruby-progressbar (1.7.1)
    slop (3.6.0)
    terminal-table (1.5.2)
    thor (0.19.1)
    tty-color (0.4.0)

PLATFORMS
  ruby

DEPENDENCIES
  pastel
  pry
  ruby-progressbar
  terminal-table
  thor

BUNDLED WITH
   1.13.6
